GEM
  remote: https://www.rubygems.org/
  specs:
    diff-lcs (1.2.5)
    httparty (0.15.6)
      multi_xml (>= 0.5.2)
    mini_portile2 (2.3.0)
    multi_xml (0.6.0)
    nokogiri (1.8.1)
      mini_portile2 (~> 2.3.0)
    rake (10.5.0)
    rspec (3.5.0)
      rspec-core (~> 3.5.0)
      rspec-expectations (~> 3.5.0)
      rspec-mocks (~> 3.5.0)
    rspec-core (3.5.4)
      rspec-support (~> 3.5.0)
    rspec-expectations (3.5.0)
      diff-lcs (>= 1.2.0, < 2.0)
      rspec-support (~> 3.5.0)
    rspec-mocks (3.5.0)
      diff-lcs (>= 1.2.0, < 2.0)
      rspec-support (~> 3.5.0)
    rspec-support (3.5.0)
    rubyfocus (0.5.13)
      httparty (~> 0.13, >= 0.13.7)
      nokogiri (~> 1.6, >= 1.6.6)
      rubyzip (~> 1.2, >= 1.2.1)
    rubyzip (1.2.1)

PLATFORMS
  ruby

DEPENDENCIES
  rake (~> 10.4, >= 10.4.2)
  rspec (~> 3.4)
  rubyfocus (~> 0.5, >= 0.5.13)

RUBY VERSION
   ruby 2.3.0p0

BUNDLED WITH
   1.15.1
